GEM
  remote: https://rubygems.org/
  specs:
    dotenv (2.2.2)
    slack-incoming-webhooks (0.2.0)

PLATFORMS
  ruby

DEPENDENCIES
  dotenv
  slack-incoming-webhooks

BUNDLED WITH
   1.16.1
